GEM
  remote: https://rubygems.org/
  specs:
    RedCloth (4.2.3)
    libxml-ruby (1.1.4)
    mocha (0.9.7)
      rake
    mysql (2.8.1)
    nokogiri (1.3.3)
    pg (0.9.0)
    rack (1.1.0)
    railslts-version (2.3.18.8)
    rake (0.8.7)
    rdoc (2.5.11)
    sqlite3 (1.3.7)

PLATFORMS
  ruby

DEPENDENCIES
  RedCloth (= 4.2.3)
  libxml-ruby (= 1.1.4)
  mocha (= 0.9.7)
  mysql (= 2.8.1)
  nokogiri (= 1.3.3)
  pg (= 0.9.0)
  rack (= 1.1.0)
  railslts-version
  rake (= 0.8.7)
  rdoc (= 2.5.11)
  sqlite3 (= 1.3.7)
